NRRD0001
content: resample(reshape(???,2x2x2))
type: float
dimension: 3
sizes: 20 20 20
axis mins: 0 0 0
axis maxs: 2 2 2
endian: big
encoding: raw
spacings: 1 2 3
data file: ./box.raw
foo:=bar
