ObjectType = Image
NDims = 3
BinaryData = True
BinaryDataByteOrderMSB = False
CompressedData = False
TransformMatrix = 1 0 0 0 1 0 0 0 1
Offset = 0 0 0
CenterOfRotation = 0 0 0
AnatomicalOrientation = RAI
ElementSpacing = 4 4 4
DimSize = 48 62 42
ElementSize = 4 4 4
ElementType = MET_FLOAT
ElementDataFile = itkDiscreteHessianGaussianImageFunctionTest02_1.raw
