NRRD0004
# Complete NRRD file format specification at:
# http://teem.sourceforge.net/nrrd/format.html
type: float
dimension: 3
space: left-posterior-superior
sizes: 64 64 64
space directions: (1,0,0) (0,-1,0) (0,0,1)
kinds: domain domain domain
endian: little
encoding: gzip
space origin: (0,0,0)
data file: itkGridImageSourceTest1.raw.gz
